GIT
  remote: https://github.com/miry/rubyzip
  revision: 18ea47a76d062885593e0fac20129b3138837daf
  branch: enable-frozen-builds
  specs:
    rubyzip (1.2.1)

GEM
  remote: https://rubygems.org/
  specs:
    addressable (2.6.0)
      public_suffix (>= 2.0.2, < 4.0)
    amazing_print (1.2.2)
    ast (2.4.2)
    docile (1.3.5)
    down (4.8.0)
      addressable (~> 2.5)
    minitest (5.14.3)
    oj (3.11.2)
    ougai (2.0.0)
      oj (~> 3.10)
    parallel (1.20.1)
    parser (3.0.0.0)
      ast (~> 2.4.1)
    public_suffix (3.0.3)
    rainbow (3.0.0)
    rake (13.0.3)
    regexp_parser (2.0.3)
    rexml (3.2.4)
    rubocop (1.10.0)
      parallel (~> 1.10)
      parser (>= 3.0.0.0)
      rainbow (>= 2.2.2, < 4.0)
      regexp_parser (>= 1.8, < 3.0)
      rexml
      rubocop-ast (>= 1.2.0, < 2.0)
      ruby-progressbar (~> 1.7)
      unicode-display_width (>= 1.4.0, < 3.0)
    rubocop-ast (1.4.1)
      parser (>= 2.7.1.5)
    rubocop-performance (1.9.2)
      rubocop (>= 0.90.0, < 2.0)
      rubocop-ast (>= 0.4.0)
    ruby-progressbar (1.11.0)
    simplecov (0.21.2)
      docile (~> 1.1)
      simplecov-html (~> 0.11)
      simplecov_json_formatter (~> 0.1)
    simplecov-html (0.12.3)
    simplecov_json_formatter (0.1.2)
    standard (0.13.0)
      rubocop (= 1.10.0)
      rubocop-performance (= 1.9.2)
    unicode-display_width (2.0.0)

PLATFORMS
  ruby

DEPENDENCIES
  amazing_print
  down
  minitest
  ougai
  rake
  rubyzip!
  simplecov
  standard

BUNDLED WITH
   2.2.11
