GIT
  remote: https://github.com/miry/awesome_print
  revision: 8118ef911a111a3f0294255d81fbf663e3a24aaf
  branch: ruby-2.6
  specs:
    awesome_print (1.8.0)

GEM
  remote: https://rubygems.org/
  specs:
    ast (2.4.0)
    jaro_winkler (1.5.1)
    minitest (5.11.3)
    oj (3.6.5)
    ougai (1.7.0)
      oj (~> 3.4)
    parallel (1.12.1)
    parser (2.5.1.2)
      ast (~> 2.4.0)
    powerpack (0.1.2)
    rainbow (3.0.0)
    rubocop (0.58.2)
      jaro_winkler (~> 1.5.1)
      parallel (~> 1.10)
      parser (>= 2.5, != 2.5.1.1)
      powerpack (~> 0.1)
      rainbow (>= 2.2.2, < 4.0)
      ruby-progressbar (~> 1.7)
      unicode-display_width (~> 1.0, >= 1.0.1)
    ruby-progressbar (1.10.0)
    unicode-display_width (1.4.0)

PLATFORMS
  ruby

DEPENDENCIES
  awesome_print!
  minitest
  ougai
  rubocop

RUBY VERSION
   ruby 2.6.0p-1

BUNDLED WITH
   1.16.3
